NUGET
  remote: https://api.nuget.org/v3/index.json
    FParsec (1.0.2) - framework: >= net452
    FSharp.Core (4.0.0.1) - framework: >= net45
    FsUnit (2.3.2) - framework: >= net45
      FSharp.Core (>= 3.1.2.5)
      NUnit (3.5)
    NUnit (3.5) - framework: >= net45
    Persimmon (1.2) - framework: >= net45
    Persimmon.Console (1.2) - framework: >= net45
    Persimmon.Runner (1.2) - framework: >= net45
      Persimmon (>= 1.2)
